GEM
  remote: https://rubygems.org/
  specs:
    colorize (0.8.1)
    rake (12.0.0)

PLATFORMS
  ruby

DEPENDENCIES
  colorize
  rake

RUBY VERSION
   ruby 2.4.1p111

BUNDLED WITH
   1.14.6
